FRAMEWORK: NET40, NET45, NET461, NET461
NUGET
  remote: https://www.nuget.org/api/v2
    FAKE (4.61.3) - framework: net40, net45, net461
    FSharp.Compiler.Service (2.0.0.6) - framework: net40, net45, net461
    FSharp.Control.AsyncSeq (2.0.12) - framework: net40, net45, net461
    FSharp.Core (4.0.0.1) - framework: net40, net45, net461
    FSharp.Formatting (2.14.4) - framework: net40, net45, net461
      FSharp.Compiler.Service (2.0.0.6) - framework: net40, net45, net461
      FSharpVSPowerTools.Core (>= 2.3 < 2.4) - framework: net40, net45, net461
    FSharpVSPowerTools.Core (2.3) - framework: net40, net45, net461
      FSharp.Compiler.Service (>= 2.0.0.3) - framework: net40, net45, net461
    NuGet.CommandLine (4.1) - framework: net40, net45, net461
    NUnit (3.7.1) - framework: net40, net45, net461
    NUnit.ConsoleRunner (3.6.1) - framework: net40, net45, net461
    NUnit.Extension.NUnitProjectLoader (3.5) - framework: net40, net45, net461
    NUnit.Extension.NUnitV2Driver (3.6) - framework: net40, net45, net461
    NUnit.Extension.NUnitV2ResultWriter (3.5) - framework: net40, net45, net461
    NUnit.Extension.TeamCityEventListener (1.0.2) - framework: net40, net45, net461
    NUnit.Extension.VSProjectLoader (3.5) - framework: net40, net45, net461
    NUnit.Runners (3.6.1) - framework: net40, net45, net461
      NUnit.ConsoleRunner (>= 3.6.1) - framework: net40, net45, net461
      NUnit.Extension.NUnitProjectLoader (>= 3.5) - framework: net40, net45, net461
      NUnit.Extension.NUnitV2Driver (>= 3.6) - framework: net40, net45, net461
      NUnit.Extension.NUnitV2ResultWriter (>= 3.5) - framework: net40, net45, net461
      NUnit.Extension.TeamCityEventListener (>= 1.0.2) - framework: net40, net45, net461
      NUnit.Extension.VSProjectLoader (>= 3.5) - framework: net40, net45, net461
    OxyPlot.Core (1.0) - framework: net40, net45, net461
    OxyPlot.GtkSharp (1.0) - framework: net40, net45, net461
      OxyPlot.Core (1.0) - framework: net40, net45, net461
